GEM
  remote: http://rubygems.org/
  specs:
    activesupport (3.0.4)
    backports (1.18.2)
    daemons (1.0.10)
    eventmachine (0.12.10)
    haml (3.0.25)
    i18n (0.5.0)
    monkey-lib (0.5.4)
      backports
    picky-client (2.4.0)
      yajl-ruby (>= 0.7.8)
    rack (1.2.1)
    sinatra (1.1.2)
      rack (~> 1.1)
      tilt (~> 1.2)
    sinatra-advanced-routes (0.5.1)
      monkey-lib (~> 0.5.0)
      sinatra (~> 1.0)
      sinatra-sugar (~> 0.5.0)
    sinatra-reloader (0.5.0)
      sinatra (~> 1.0)
      sinatra-advanced-routes (~> 0.5.0)
    sinatra-sugar (0.5.0)
      monkey-lib (~> 0.5.0)
      sinatra (~> 1.0)
    thin (1.2.11)
      daemons (>= 1.0.9)
      eventmachine (>= 0.12.6)
      rack (>= 1.0.0)
    tilt (1.2.2)
    yajl-ruby (0.8.2)

PLATFORMS
  ruby

DEPENDENCIES
  activesupport
  haml
  i18n
  picky-client (~> 2.0)
  sinatra
  sinatra-reloader
  thin
