GEM
  remote: http://rubygems.org/
  specs:
    activemodel (3.0.5)
      activesupport (= 3.0.5)
      builder (~> 2.1.2)
      i18n (~> 0.4)
    activerecord (3.0.5)
      activemodel (= 3.0.5)
      activesupport (= 3.0.5)
      arel (~> 2.0.2)
      tzinfo (~> 0.3.23)
    activesupport (3.0.5)
    arel (2.0.10)
    builder (2.1.2)
    daemons (1.0.10)
    eventmachine (0.12.10)
    haml (3.0.25)
    i18n (0.6.0)
    picky (2.4.2)
    picky-client (2.4.2)
      activesupport (>= 3.0.0)
      yajl-ruby (>= 0.7.8)
    rack (1.2.3)
    rack-mount (0.6.14)
      rack (>= 1.0.0)
    rack_fast_escape (2009.06.24)
      url_escape
    rake (0.9.0)
    sinatra (1.2.6)
      rack (~> 1.1)
      tilt (< 2.0, >= 1.2.2)
    text (0.2.0)
    thin (1.2.11)
      daemons (>= 1.0.9)
      eventmachine (>= 0.12.6)
      rack (>= 1.0.0)
    tilt (1.3.1)
    tzinfo (0.3.27)
    url_escape (2009.06.24)
    yajl-ruby (0.8.2)

PLATFORMS
  ruby

DEPENDENCIES
  activerecord (~> 3.0)
  activesupport (~> 3.0)
  bundler
  haml
  i18n
  picky (~> 2.0)
  picky-client (~> 2.0)
  rack (~> 1.2.2)
  rack-mount (~> 0.6.13)
  rack_fast_escape (= 2009.06.24)
  rake
  sinatra
  text (~> 0.2.0)
  thin
  yajl-ruby (~> 0.8.1)
