GEM
  remote: http://rubygems.org/
  specs:
    activerecord (2.3.11)
      activesupport (= 2.3.11)
    activesupport (2.3.11)
    kgio (2.3.2)
    picky (1.4.0)
    rack (1.2.1)
    rack-mount (0.6.13)
      rack (>= 1.0.0)
    rack_fast_escape (2009.06.24)
      url_escape
    rake (0.8.7)
    text (0.2.0)
    unicorn (3.4.0)
      kgio (~> 2.2)
      rack
    url_escape (2009.06.24)
    yajl-ruby (0.7.9)

PLATFORMS
  ruby

DEPENDENCIES
  activerecord (~> 2.3.8)
  bundler
  picky (~> 1.0)
  rack (~> 1.2.1)
  rack-mount (~> 0.6.9)
  rack_fast_escape (= 2009.06.24)
  rake
  text (~> 0.2.0)
  unicorn
  yajl-ruby (~> 0.7.8)
